GEM
  remote: https://rubygems.org/
  specs:
    bourbon (4.2.7)
      sass (~> 3.4)
      thor (~> 0.19)
    hologram (1.4.0)
      redcarpet (>= 2.2, < 4.0)
      rouge (>= 1.5)
    redcarpet (3.4.0)
    rouge (2.0.7)
    sass (3.4.23)
    thor (0.19.4)

PLATFORMS
  ruby

DEPENDENCIES
  bourbon
  hologram

BUNDLED WITH
   1.13.6
